GEM
  remote: http://rubygems.org/
  specs:
    daemons (1.2.6)
    em-websocket (0.5.1)
      eventmachine (>= 0.12.9)
      http_parser.rb (~> 0.6.0)
    eventmachine (1.0.4)
    http_parser.rb (0.6.0)
    json (2.1.0)
    rack (1.6.0)
    rack-protection (1.5.2)
      rack
    sinatra (1.4.6)
      rack (~> 1.4)
      rack-protection (~> 1.4)
      tilt (>= 1.3, < 3)
    thin (1.7.2)
      daemons (~> 1.0, >= 1.0.9)
      eventmachine (~> 1.0, >= 1.0.4)
      rack (>= 1, < 3)
    tilt (1.4.1)

PLATFORMS
  ruby

DEPENDENCIES
  em-websocket
  json
  sinatra
  thin

BUNDLED WITH
   1.16.1
